GEM
  remote: http://rubygems.org/
  specs:
    minitest (2.0.2)
    nokogiri (1.4.4)
    rake (0.8.7)

PLATFORMS
  ruby

DEPENDENCIES
  minitest
  nokogiri
  rake
